PATH
  remote: ./selenium-webdriver
  specs:
    selenium-webdriver (2.21.0.dev)
      childprocess (>= 0.2.5)
      ffi (~> 1.0)
      libwebsocket (~> 0.1.3)
      multi_json (~> 1.0)
      rubyzip

GEM
  specs:
    addressable (2.2.7)
    builder (3.0.0)
    childprocess (0.3.1)
      ffi (~> 1.0.6)
    ci_reporter (1.6.9)
      builder (>= 2.1.2)
    crack (0.3.1)
    diff-lcs (1.1.3)
    ffi (1.0.11)
    libwebsocket (0.1.3)
      addressable
    multi_json (1.0.4)
    rack (1.4.1)
    rake (0.9.2.2)
    rspec (2.9.0)
      rspec-core (~> 2.9.0)
      rspec-expectations (~> 2.9.0)
      rspec-mocks (~> 2.9.0)
    rspec-core (2.9.0)
    rspec-expectations (2.9.1)
      diff-lcs (~> 1.1.3)
    rspec-mocks (2.9.0)
    rubyzip (0.9.6.1)
    webmock (1.7.10)
      addressable (~> 2.2, > 2.2.5)
      crack (>= 0.1.7)

PLATFORMS
  ruby

DEPENDENCIES
  ci_reporter (~> 1.6.2)
  rack (~> 1.0)
  rake (= 0.9.2.2)
  rspec (~> 2.0)
  selenium-webdriver!
  webmock (~> 1.7.5)
